GEM
  remote: http://rubygems.org/
  specs:
    coffee-script (2.2.0)
      coffee-script-source
      execjs
    coffee-script-source (1.1.2)
    erubis (2.7.0)
    execjs (1.2.9)
      multi_json (~> 1.0)
    libv8 (3.3.10.2)
    multi_json (1.0.3)
    mustermann (1.1.1)
      ruby2_keywords (~> 0.0.1)
    rack (2.2.3)
    rack-protection (2.2.0)
      rack
    rake (0.9.2.2)
    ruby2_keywords (0.0.5)
    sass (3.1.10)
    shotgun (0.9)
      rack (>= 1.0)
    sinatra (2.2.0)
      mustermann (~> 1.0)
      rack (~> 2.2)
      rack-protection (= 2.2.0)
      tilt (~> 2.0)
    therubyracer (0.9.8)
      libv8 (~> 3.3.10)
    tilt (2.0.10)

PLATFORMS
  ruby

DEPENDENCIES
  coffee-script (>= 2.2.0)
  erubis (>= 2.7.0)
  rake (>= 0.9.2)
  sass (>= 3.1.10)
  shotgun (>= 0.9)
  sinatra (>= 1.3.1)
  therubyracer (>= 0.9.8)
